GIT
  remote: git@github.com:VodafoneAustralia/jmeter-runner-gem.git
  revision: c534972c9afb488226fdb64ec3c5f11277ea0aec
  specs:
    jmeter-runner-gem (0.0.2)

GEM
  remote: https://rubygems.org/
  specs:
    awesome_print (1.1.0)
    backports (3.3.5)
    builder (3.2.2)
    capybara (2.1.0)
      mime-types (>= 1.16)
      nokogiri (>= 1.3.3)
      rack (>= 1.0.0)
      rack-test (>= 0.5.4)
      xpath (~> 2.0)
    cucumber (1.3.9)
      builder (>= 2.1.2)
      diff-lcs (>= 1.1.3)
      gherkin (~> 2.12)
      multi_json (>= 1.7.5, < 2.0)
      multi_test (>= 0.0.2)
    daemons (1.1.9)
    diff-lcs (1.2.5)
    docile (1.1.0)
    eventmachine (1.0.3)
    find_a_port (1.0.1)
    gherkin (2.12.2)
      multi_json (~> 1.3)
    haml (4.0.4)
      tilt
    httparty (0.12.0)
      json (~> 1.8)
      multi_xml (>= 0.5.2)
    jasmine (2.0.0.rc4)
      jasmine-core (~> 2.0.0.rc3)
      phantomjs
      rack
      rake
    jasmine-core (2.0.0.rc5)
    jsmin (1.0.1)
    json (1.8.1)
    kgio (2.8.1)
    lockfile (2.1.0)
    mime-types (2.0)
    mini_portile (0.5.2)
    multi_json (1.8.2)
    multi_test (0.0.2)
    multi_xml (0.5.5)
    newrelic_rpm (3.6.9.171)
    nokogiri (1.6.0)
      mini_portile (~> 0.5.0)
    pact (1.0.20)
      awesome_print (~> 1.1.0)
      find_a_port (~> 1.0.1)
      json
      rack-test (~> 0.6.2)
      randexp (~> 0.1.7)
      rspec (~> 2.12)
      thin
      thor
    phantomjs (1.9.2.0)
    rack (1.5.2)
    rack-protection (1.5.1)
      rack
    rack-test (0.6.2)
      rack (>= 1.0)
    raindrops (0.12.0)
    rake (10.1.0)
    randexp (0.1.7)
    rspec (2.14.1)
      rspec-core (~> 2.14.0)
      rspec-expectations (~> 2.14.0)
      rspec-mocks (~> 2.14.0)
    rspec-core (2.14.7)
    rspec-expectations (2.14.4)
      diff-lcs (>= 1.1.3, < 2.0)
    rspec-html-matchers (0.4.3)
      nokogiri (>= 1.4.4)
      rspec (>= 2.0.0)
    rspec-mocks (2.14.4)
    sass (3.2.12)
    shotgun (0.9)
      rack (>= 1.0)
    simplecov (0.8.1)
      docile (~> 1.1.0)
      lockfile (>= 2.1.0)
      multi_json
      simplecov-html (~> 0.8.0)
    simplecov-html (0.8.0)
    simplecov-rcov (0.2.3)
      simplecov (>= 0.4.1)
    sinatra (1.4.4)
      rack (~> 1.4)
      rack-protection (~> 1.4)
      tilt (~> 1.3, >= 1.3.4)
    sinatra-assetpack (0.3.1)
      jsmin
      rack-test
      sinatra
      tilt (>= 1.3.0)
    sinatra-contrib (1.4.1)
      backports (>= 2.0)
      multi_json
      rack-protection
      rack-test
      sinatra (~> 1.4.0)
      tilt (~> 1.3)
    thin (1.6.1)
      daemons (>= 1.0.9)
      eventmachine (>= 1.0.0)
      rack (>= 1.0.0)
    thor (0.18.1)
    tilt (1.4.1)
    unicorn (4.7.0)
      kgio (~> 2.6)
      rack
      raindrops (~> 0.7)
    xpath (2.0.0)
      nokogiri (~> 1.3)

PLATFORMS
  ruby

DEPENDENCIES
  capybara
  cucumber
  haml
  httparty
  jasmine (= 2.0.0.rc4)
  jmeter-runner-gem!
  newrelic_rpm
  pact
  rack-test
  rake
  rspec
  rspec-html-matchers
  sass
  shotgun
  simplecov
  simplecov-rcov
  sinatra (~> 1.4.3)
  sinatra-assetpack
  sinatra-contrib
  unicorn
