GIT
  remote: git@github.com:VodafoneAustralia/app-version-gem.git
  revision: 3bb669d28473b2dfd4beaa9b6206c6b48edf41c9
  specs:
    app-version (0.1.3)

GIT
  remote: git@github.com:VodafoneAustralia/jmeter-runner-gem.git
  revision: 9e2c639a6826e7c65f12a7a7b08293051181bb92
  specs:
    jmeter-runner-gem (0.0.19)

GIT
  remote: git@github.com:realestate-com-au/pact.git
  revision: 0408061f4146197ef27ca96f5857cc9ade0069a4
  specs:
    pact (1.0.30)
      awesome_print (~> 1.1)
      find_a_port (~> 1.0.1)
      json
      rack-test (~> 0.6.2)
      randexp (~> 0.1.7)
      rspec (~> 2.12)
      thin
      thor
      webrick

GEM
  remote: https://rubygems.org/
  specs:
    addressable (2.3.5)
    awesome_print (1.2.0)
    backports (3.4.0)
    bourbon (3.1.8)
      sass (>= 3.2.0)
      thor
    builder (3.2.2)
    capybara (2.2.1)
      mime-types (>= 1.16)
      nokogiri (>= 1.3.3)
      rack (>= 1.0.0)
      rack-test (>= 0.5.4)
      xpath (~> 2.0)
    cliver (0.3.2)
    coderay (1.1.0)
    crack (0.4.1)
      safe_yaml (~> 0.9.0)
    cucumber (1.3.10)
      builder (>= 2.1.2)
      diff-lcs (>= 1.1.3)
      gherkin (~> 2.12)
      multi_json (>= 1.7.5, < 2.0)
      multi_test (>= 0.0.2)
    daemons (1.1.9)
    diff-lcs (1.2.5)
    docile (1.1.2)
    dotenv (0.9.0)
    dotenv-rails (0.9.0)
      dotenv (= 0.9.0)
    eventmachine (1.0.3)
    execjs (2.0.2)
    faraday (0.8.9)
      multipart-post (~> 1.2.0)
    faraday_middleware (0.9.0)
      faraday (>= 0.7.4, < 0.9)
    find_a_port (1.0.1)
    gherkin (2.12.2)
      multi_json (~> 1.3)
    git (1.2.6)
    haml (4.0.5)
      tilt
    httparty (0.12.0)
      json (~> 1.8)
      multi_xml (>= 0.5.2)
    hyperclient (0.3.1)
      faraday (~> 0.8)
      faraday_middleware (~> 0.9)
      net-http-digest_auth (~> 1.2)
      uri_template (~> 0.5)
    interception (0.4)
    jasmine (2.0.0.rc4)
      jasmine-core (~> 2.0.0.rc3)
      phantomjs
      rack
      rake
    jasmine-core (2.0.0)
    jshintrb (0.2.4)
      execjs
      multi_json (>= 1.3)
      rake
    jsmin (1.0.1)
    json (1.8.1)
    kgio (2.8.1)
    method_source (0.8.2)
    mime-types (2.1)
    mini_portile (0.5.2)
    multi_json (1.8.4)
    multi_test (0.0.3)
    multi_xml (0.5.5)
    multipart-post (1.2.0)
    net-http-digest_auth (1.4)
    newrelic_rpm (3.7.2.195)
    nokogiri (1.6.1)
      mini_portile (~> 0.5.0)
    phantomjs (1.9.2.1)
    poltergeist (1.5.0)
      capybara (~> 2.1)
      cliver (~> 0.3.1)
      multi_json (~> 1.0)
      websocket-driver (>= 0.2.0)
    pry (0.9.12.6)
      coderay (~> 1.0)
      method_source (~> 0.8)
      slop (~> 3.4)
    pry-doc (0.5.1)
      pry (>= 0.9)
      yard (>= 0.8)
    pry-rescue (1.3.1)
      interception (>= 0.4)
      pry
    rack (1.5.2)
    rack-protection (1.5.2)
      rack
    rack-test (0.6.2)
      rack (>= 1.0)
    rack-timeout (0.1.0beta3)
    raindrops (0.12.0)
    rake (10.1.1)
    randexp (0.1.7)
    rb-fsevent (0.9.3)
    redis (3.0.7)
    redis-sinatra (1.4.0)
      redis-store (~> 1.1.0)
      sinatra (~> 1.4.0)
    redis-store (1.1.4)
      redis (>= 2.2)
    rspec (2.14.1)
      rspec-core (~> 2.14.0)
      rspec-expectations (~> 2.14.0)
      rspec-mocks (~> 2.14.0)
    rspec-core (2.14.7)
    rspec-expectations (2.14.4)
      diff-lcs (>= 1.1.3, < 2.0)
    rspec-html-matchers (0.4.4)
      nokogiri (~> 1)
      rspec (~> 2, >= 2.11.0)
    rspec-mocks (2.14.4)
    safe_yaml (0.9.7)
    sass (3.2.14)
    shotgun (0.9)
      rack (>= 1.0)
    simplecov (0.8.2)
      docile (~> 1.1.0)
      multi_json
      simplecov-html (~> 0.8.0)
    simplecov-html (0.8.0)
    simplecov-rcov (0.2.3)
      simplecov (>= 0.4.1)
    sinatra (1.4.4)
      rack (~> 1.4)
      rack-protection (~> 1.4)
      tilt (~> 1.3, >= 1.3.4)
    sinatra-assetpack (0.3.2)
      jsmin
      rack-test
      sinatra
      tilt (>= 1.3.0, < 2.0)
    sinatra-contrib (1.4.2)
      backports (>= 2.0)
      multi_json
      rack-protection
      rack-test
      sinatra (~> 1.4.0)
      tilt (~> 1.3)
    slop (3.4.7)
    thin (1.6.1)
      daemons (>= 1.0.9)
      eventmachine (>= 1.0.0)
      rack (>= 1.0.0)
    thor (0.18.1)
    tilt (1.4.1)
    unicorn (4.8.0)
      kgio (~> 2.6)
      rack
      raindrops (~> 0.7)
    uri_template (0.6.0)
    useragent (0.10.0)
    webmock (1.17.1)
      addressable (>= 2.2.7)
      crack (>= 0.3.2)
    webrick (1.3.1)
    websocket-driver (0.3.2)
    xpath (2.0.0)
      nokogiri (~> 1.3)
    yard (0.8.7.3)

PLATFORMS
  ruby

DEPENDENCIES
  app-version!
  bourbon
  capybara
  cucumber
  dotenv-rails
  git
  haml
  httparty
  hyperclient
  jasmine (= 2.0.0.rc4)
  jmeter-runner-gem!
  jshintrb
  newrelic_rpm
  pact!
  poltergeist
  pry
  pry-doc
  pry-rescue
  rack-test
  rack-timeout (= 0.1.0beta3)
  rake
  rb-fsevent
  redis-sinatra
  rspec
  rspec-html-matchers
  sass
  shotgun
  simplecov
  simplecov-rcov
  sinatra (~> 1.4.3)
  sinatra-assetpack
  sinatra-contrib
  unicorn
  useragent
  webmock
